GEM
  remote: https://rubygems.org/
  specs:
    activemodel (5.1.4)
      activesupport (= 5.1.4)
    activesupport (5.1.4)
      concurrent-ruby (~> 1.0, >= 1.0.2)
      i18n (~> 0.7)
      minitest (~> 5.1)
      tzinfo (~> 1.1)
    bson (4.3.0)
    concurrent-ruby (1.0.5)
    declarative (0.0.10)
    declarative-option (0.1.0)
    i18n (0.9.4)
      concurrent-ruby (~> 1.0)
    json (2.1.0)
    minitest (5.11.3)
    mongo (2.5.0)
      bson (>= 4.3.0, < 5.0.0)
    mongoid (6.3.0)
      activemodel (~> 5.1)
      mongo (>= 2.5.0, < 3.0.0)
    multi_json (1.13.1)
    mustermann (1.0.1)
    puma (3.11.2)
    rack (2.0.4)
    rack-protection (2.0.0)
      rack
    representable (3.0.4)
      declarative (< 0.1.0)
      declarative-option (< 0.2.0)
      uber (< 0.2.0)
    roar (1.1.0)
      representable (~> 3.0.0)
    sinatra (2.0.0)
      mustermann (~> 1.0)
      rack (~> 2.0)
      rack-protection (= 2.0.0)
      tilt (~> 2.0)
    slim (3.0.9)
      temple (>= 0.7.6, < 0.9)
      tilt (>= 1.3.3, < 2.1)
    temple (0.8.0)
    thread_safe (0.3.6)
    tilt (2.0.8)
    tzinfo (1.2.5)
      thread_safe (~> 0.1)
    uber (0.1.0)

PLATFORMS
  ruby

DEPENDENCIES
  json
  mongoid
  multi_json
  puma
  roar
  sinatra
  slim

BUNDLED WITH
   1.16.1
