GEM
  remote: https://rubygems.org/
  specs:
    json (2.1.0)
    mustermann (1.0.1)
    rack (2.0.4)
    rack-protection (2.0.0)
      rack
    redis (4.0.1)
    sinatra (2.0.0)
      mustermann (~> 1.0)
      rack (~> 2.0)
      rack-protection (= 2.0.0)
      tilt (~> 2.0)
    slim (3.0.9)
      temple (>= 0.7.6, < 0.9)
      tilt (>= 1.3.3, < 2.1)
    temple (0.8.0)
    tilt (2.0.8)

PLATFORMS
  ruby

DEPENDENCIES
  json
  redis
  sinatra
  slim

BUNDLED WITH
   1.15.1
